GEM
  remote: https://rubygems.org/
  specs:
    date (3.3.4)
    nokogiri (1.15.5-x64-mingw-ucrt)
      racc (~> 1.4)
    open-uri (0.4.0)
      stringio
      time
      uri
    racc (1.7.3)
    rubyzip (2.3.2)
    stringio (3.1.0)
    time (0.3.0)
      date
    uri (0.13.0)

PLATFORMS
  x64-mingw-ucrt

DEPENDENCIES
  nokogiri
  open-uri
  rubyzip

BUNDLED WITH
   2.4.10
